GIT
  remote: git://github.com/birkirb/wrest.git
  revision: dba7518633a8b21ac408cf16268ca13805824e87
  ref: dba7518
  specs:
    wrest (1.5.0.1)
      activesupport (~> 4)
      builder (> 2.0)
      multi_json (~> 1.0)

GEM
  remote: https://rubygems.org/
  specs:
    activesupport (4.1.6)
      i18n (~> 0.6, >= 0.6.9)
      json (~> 1.7, >= 1.7.7)
      minitest (~> 5.1)
      thread_safe (~> 0.1)
      tzinfo (~> 1.1)
    builder (3.2.2)
    diff-lcs (1.2.5)
    i18n (0.6.11)
    json (1.8.1)
    minitest (5.4.2)
    multi_json (1.10.1)
    rspec (3.1.0)
      rspec-core (~> 3.1.0)
      rspec-expectations (~> 3.1.0)
      rspec-mocks (~> 3.1.0)
    rspec-core (3.1.7)
      rspec-support (~> 3.1.0)
    rspec-expectations (3.1.2)
      diff-lcs (>= 1.2.0, < 2.0)
      rspec-support (~> 3.1.0)
    rspec-mocks (3.1.3)
      rspec-support (~> 3.1.0)
    rspec-support (3.1.2)
    thread_safe (0.3.4)
    tzinfo (1.2.2)
      thread_safe (~> 0.1)

PLATFORMS
  ruby

DEPENDENCIES
  activesupport
  rspec
  wrest!
